GEM
  remote: http://rubygems.org/
  specs:
    json (1.7.5)
    mime-types (1.19)
    multipart-post (1.1.5)
    mygengo (1.10)
      json
      mime-types
      multipart-post
    rack (1.4.1)
    rack-protection (1.2.0)
      rack
    sinatra (1.3.3)
      rack (~> 1.3, >= 1.3.6)
      rack-protection (~> 1.2)
      tilt (~> 1.3, >= 1.3.3)
    tilt (1.3.3)

PLATFORMS
  ruby

DEPENDENCIES
  mygengo
  sinatra
